GEM
  remote: https://rubygems.org/
  specs:
    google-protobuf (3.25.2)
    google-protobuf (3.25.2-aarch64-linux)
    google-protobuf (3.25.2-arm64-darwin)
    google-protobuf (3.25.2-x86-linux)
    google-protobuf (3.25.2-x86_64-darwin)
    google-protobuf (3.25.2-x86_64-linux)
    pg_query (5.1.0)
      google-protobuf (>= 3.22.3)
    power_assert (2.0.3)
    test-unit (3.6.1)
      power_assert

PLATFORMS
  aarch64-linux
  arm64-darwin
  ruby
  x86-linux
  x86_64-darwin
  x86_64-linux

DEPENDENCIES
  pg_query
  test-unit

BUNDLED WITH
   2.5.4
