GEM
  specs:
    google-protobuf (3.25.2-x86_64-linux)
    pg_query (5.1.0)
      google-protobuf (>= 3.22.3)
    power_assert (2.0.3)
    test-unit (3.6.1)
      power_assert

PLATFORMS
  x86_64-linux

DEPENDENCIES
  pg_query
  test-unit

BUNDLED WITH
   2.3.7
